GEM
  remote: https://rubygems.org/
  specs:
    addressable (2.8.7)
      public_suffix (>= 2.0.2, < 7.0)
    base64 (0.2.0)
    concurrent-ruby (1.3.4)
    domain_name (0.6.20240107)
    et-orbi (1.2.11)
      tzinfo
    ffi (1.17.0)
    ffi (1.17.0-arm64-darwin)
    ffi-compiler (1.3.2)
      ffi (>= 1.15.5)
      rake
    fugit (1.11.1)
      et-orbi (~> 1, >= 1.2.11)
      raabro (~> 1.4)
    http (5.2.0)
      addressable (~> 2.8)
      base64 (~> 0.1)
      http-cookie (~> 1.0)
      http-form_data (~> 2.2)
      llhttp-ffi (~> 0.5.0)
    http-cookie (1.0.7)
      domain_name (~> 0.5)
    http-form_data (2.3.0)
    llhttp-ffi (0.5.0)
      ffi-compiler (~> 1.0)
      rake (~> 13.0)
    ostruct (0.6.0)
    public_suffix (6.0.1)
    raabro (1.4.0)
    rake (13.2.1)
    rufus-scheduler (3.9.2)
      fugit (~> 1.1, >= 1.11.1)
    timezone (1.3.27)
      ostruct (~> 0.6)
    tzinfo (2.0.6)
      concurrent-ruby (~> 1.0)

PLATFORMS
  arm64-darwin-24
  ruby

DEPENDENCIES
  http (~> 5.2)
  rufus-scheduler (~> 3.9)
  timezone (~> 1.3)

BUNDLED WITH
   2.5.21
